PATH
  remote: .
  specs:
    mina-sidekiq (1.0.1)
      mina (>= 1.0.2)

GEM
  remote: https://www.rubygems.org/
  specs:
    byebug (9.0.6)
    coderay (1.1.1)
    method_source (0.8.2)
    mina (1.0.3)
      open4 (~> 1.3.4)
      rake
    minitest (5.9.1)
    open4 (1.3.4)
    pry (0.10.4)
      coderay (~> 1.1.0)
      method_source (~> 0.8.1)
      slop (~> 3.4)
    pry-byebug (3.4.0)
      byebug (~> 9.0)
      pry (~> 0.10)
    rake (11.3.0)
    slop (3.6.0)

PLATFORMS
  ruby

DEPENDENCIES
  mina-sidekiq!
  minitest
  pry-byebug
  rake

BUNDLED WITH
   1.13.6
